PATH
  remote: .
  specs:
    nexy-irc (0.1.0)
      cinch
      crypt
      duckduckgo
      wikipedia-client

GEM
  remote: https://rubygems.org/
  specs:
    cinch (2.3.4)
    coderay (1.1.2)
    crypt (2.2.1)
    diff-lcs (1.3)
    duckduckgo (0.1.6)
      nokogiri (~> 1.8.2)
      open_uri_redirections (~> 0.2.1)
    method_source (0.9.0)
    mini_portile2 (2.3.0)
    nokogiri (1.8.3)
      mini_portile2 (~> 2.3.0)
    open_uri_redirections (0.2.1)
    pry (0.11.3)
      coderay (~> 1.1.0)
      method_source (~> 0.9.0)
    rake (10.5.0)
    rspec (3.7.0)
      rspec-core (~> 3.7.0)
      rspec-expectations (~> 3.7.0)
      rspec-mocks (~> 3.7.0)
    rspec-core (3.7.1)
      rspec-support (~> 3.7.0)
    rspec-expectations (3.7.0)
      diff-lcs (>= 1.2.0, < 2.0)
      rspec-support (~> 3.7.0)
    rspec-mocks (3.7.0)
      diff-lcs (>= 1.2.0, < 2.0)
      rspec-support (~> 3.7.0)
    rspec-support (3.7.1)
    wikipedia-client (1.10.0)

PLATFORMS
  ruby

DEPENDENCIES
  bundler (~> 1.16)
  nexy-irc!
  pry
  rake (~> 10.0)
  rspec (~> 3.0)

BUNDLED WITH
   1.16.0
